PATH
  remote: .
  specs:
    gem-mastermerchant (0.0.2)
      activemodel (~> 3.2)
      activesupport (~> 3.2)
      typhoeus (~> 0.4.0)

GEM
  remote: http://rubygems.org/
  specs:
    activemodel (3.2.9)
      activesupport (= 3.2.9)
      builder (~> 3.0.0)
    activesupport (3.2.9)
      i18n (~> 0.6)
      multi_json (~> 1.0)
    builder (3.0.4)
    ffi (1.2.0)
    i18n (0.6.1)
    metaclass (0.0.1)
    mime-types (1.19)
    mocha (0.11.4)
      metaclass (~> 0.0.1)
    multi_json (1.5.0)
    sqlite3 (1.3.6)
    typhoeus (0.4.2)
      ffi (~> 1.0)
      mime-types (~> 1.18)

PLATFORMS
  ruby

DEPENDENCIES
  gem-mastermerchant!
  mocha
  sqlite3
